PATH
  remote: .
  specs:
    custom_fields (1.1.0.rc1)
      activesupport (>= 3.1.1, < 6.2.0)
      carrierwave-mongoid (~> 0.1.3)
      mongoid (~> 2.3.3)

GEM
  remote: http://rubygems.org/
  specs:
    RedCloth (4.2.8)
    SystemTimer (1.2.3)
    activemodel (3.1.12)
      activesupport (= 3.1.12)
      builder (~> 3.0.0)
      i18n (~> 0.6)
    activesupport (3.1.12)
      multi_json (~> 1.0)
    bson (1.3.1)
    bson_ext (1.3.1)
    builder (3.0.4)
    carrierwave (0.5.8)
      activesupport (~> 3.0)
    carrierwave-mongoid (0.1.7)
      carrierwave (~> 0.5.6)
      mongoid (~> 2.1)
    columnize (0.3.4)
    concurrent-ruby (1.1.8)
    database_cleaner (0.6.7)
    diff-lcs (1.1.3)
    i18n (0.9.5)
      concurrent-ruby (~> 1.0)
    linecache (0.46)
      rbx-require-relative (> 0.0.4)
    mocha (0.9.12)
    mongo (1.3.1)
      bson (>= 1.3.1)
    mongoid (2.3.5)
      activemodel (~> 3.1.0)
      mongo (~> 1.3)
      tzinfo (~> 0.3.22)
    multi_json (1.15.0)
    rake (0.9.2.2)
    rbx-require-relative (0.0.5)
    rspec (2.7.0)
      rspec-core (~> 2.7.0)
      rspec-expectations (~> 2.7.0)
      rspec-mocks (~> 2.7.0)
    rspec-core (2.7.1)
    rspec-expectations (2.7.0)
      diff-lcs (~> 1.1.2)
    rspec-mocks (2.7.0)
    ruby-debug (0.10.4)
      columnize (>= 0.1)
      ruby-debug-base (~> 0.10.4.0)
    ruby-debug-base (0.10.4)
      linecache (>= 0.3)
    tzinfo (0.3.60)
    yard (0.7.3)

PLATFORMS
  ruby

DEPENDENCIES
  RedCloth (~> 4.2.8)
  SystemTimer
  bson (~> 1.3.1)
  bson_ext (~> 1.3.1)
  custom_fields!
  database_cleaner (~> 0.6.7)
  mocha (~> 0.9.12)
  mongo (~> 1.3.1)
  rake
  rspec (~> 2.6)
  ruby-debug
  yard (~> 0.7.3)
